PATH
  remote: .
  specs:
    pdf-forms (0.5.8)

GEM
  remote: https://rubygems.org/
  specs:
    coderay (1.1.0)
    method_source (0.8.2)
    pry (0.10.1)
      coderay (~> 1.1.0)
      method_source (~> 0.8.1)
      slop (~> 3.4)
    rake (0.9.2.2)
    slop (3.6.0)

PLATFORMS
  ruby

DEPENDENCIES
  pdf-forms!
  pry
  rake
