PATH
  remote: .
  specs:
    pdf-forms (0.5.6)

GEM
  remote: http://rubygems.org/
  specs:
    rake (10.1.0)

PLATFORMS
  ruby

DEPENDENCIES
  pdf-forms!
  rake
